GEM
  remote: https://rubygems.org/
  specs:
    addressable (2.3.8)
    ansi (1.5.0)
    boxen (2.4.0)
      ansi (~> 1.4)
      hiera (~> 1.0)
      highline (~> 1.6)
      json_pure (>= 1.7.7, < 2.0)
      librarian-puppet (~> 0.9.10)
      octokit (~> 2.3.0)
      puppet (~> 3.0)
    cardboard (2.1.0)
      boxen (~> 2.1)
      puppet-lint (~> 0.3)
      puppetlabs_spec_helper (~> 0.4)
      rspec-puppet (~> 1.0)
    deep_merge (1.1.1)
    diff-lcs (1.3)
    facter (1.7.6)
    faraday (0.9.2)
      multipart-post (>= 1.2, < 3)
    hiera (1.3.4)
      json_pure
    highline (1.7.8)
    json (2.1.0)
    json_pure (1.8.6)
    librarian (0.1.2)
      highline
      thor (~> 0.15)
    librarian-puppet (0.9.14)
      json
      librarian (>= 0.1.2)
      open3_backport
    metaclass (0.0.4)
    mocha (1.3.0)
      metaclass (~> 0.0.1)
    multipart-post (2.0.0)
    octokit (2.3.1)
      sawyer (~> 0.5.1)
    open3_backport (0.0.3)
      open4 (~> 1.3.0)
    open4 (1.3.4)
    puppet (3.3.2)
      facter (~> 1.6)
      hiera (~> 1.0)
      rgen (~> 0.6.5)
    puppet-lint (0.3.2)
    puppet-syntax (2.4.1)
      rake
    puppetlabs_spec_helper (0.10.3)
      mocha
      puppet-lint
      puppet-syntax
      rake
      rspec-puppet
    rake (12.2.1)
    rgen (0.6.6)
    rspec (3.7.0)
      rspec-core (~> 3.7.0)
      rspec-expectations (~> 3.7.0)
      rspec-mocks (~> 3.7.0)
    rspec-core (3.7.0)
      rspec-support (~> 3.7.0)
    rspec-expectations (3.7.0)
      diff-lcs (>= 1.2.0, < 2.0)
      rspec-support (~> 3.7.0)
    rspec-mocks (3.7.0)
      diff-lcs (>= 1.2.0, < 2.0)
      rspec-support (~> 3.7.0)
    rspec-puppet (1.0.1)
      rspec
    rspec-support (3.7.0)
    sawyer (0.5.5)
      addressable (~> 2.3.5)
      faraday (~> 0.8, < 0.10)
    thor (0.20.0)

PLATFORMS
  ruby

DEPENDENCIES
  boxen (~> 2.4.0)
  cardboard (~> 2.1)
  deep_merge (~> 1.0)
  librarian-puppet (< 0.9.15)
  puppet (< 3.4.0)

BUNDLED WITH
   1.16.0
